PATH
  remote: .
  specs:
    resque_utils (0.0.1)

GEM
  remote: http://rubygems.org/
  specs:

PLATFORMS
  ruby

DEPENDENCIES
  resque_utils!
