PATH
  remote: .
  specs:
    resque_utils (0.0.4)

GEM
  remote: http://rubygems.org/
  specs:
    rake (0.9.2)

PLATFORMS
  ruby

DEPENDENCIES
  rake
  resque_utils!
